GIT
  remote: git://github.com/simon/sinatra-respond_to.git
  revision: 3fb7e0471ab852a5b382adfc1d32a6ce53f83767
  specs:
    sinatra-respond_to (0.8.0)
      sinatra (~> 1.2)

GIT
  remote: git@github.com:curbed/sinatra_more.git
  revision: 342976f28284ff0f92d45016116e98711912b957
  specs:
    sinatra_more (0.3.43)
      activesupport
      bundler (>= 0.9.2)
      sinatra (>= 0.9.2)
      thor (>= 0.11.8)
      tilt (>= 0.2)

GEM
  remote: http://rubygems.org/
  specs:
    activesupport (3.2.3)
      i18n (~> 0.6)
      multi_json (~> 1.0)
    backports (2.5.3)
    eventmachine (0.12.10)
    geo-distance (0.2.0)
      geo_point (~> 0.2.5)
      geo_units (~> 0.2.4.1)
    geo_calc (0.7.6)
      activesupport (>= 3.0.1)
      geo_units (~> 0.2.1)
      i18n
      require_all (~> 1.2.0)
      sugar-high (~> 0.4.6.3)
    geo_point (0.2.5)
      geo_calc (~> 0.7.5)
      geo_units (~> 0.2.1)
    geo_units (0.2.4.1)
      sugar-high (~> 0.4.6.2)
    hiredis (0.4.5)
    httparty (0.9.0)
      multi_json (~> 1.0)
      multi_xml
    i18n (0.6.0)
    json (1.7.1)
    kdtree (0.3)
    multi_json (1.3.4)
    multi_xml (0.5.1)
    nest (1.1.1)
      redis
    ohm (1.2.0)
      nest (~> 1.0)
      redis
      scrivener (~> 0.0.3)
    ohm-contrib (1.2)
      ohm (~> 1.2)
    rack (1.4.1)
    rack-cache (1.2)
      rack (>= 0.4)
    rack-contrib (1.1.0)
      rack (>= 0.9.1)
    rack-protection (1.2.0)
      rack
    rack-test (0.6.1)
      rack (>= 1.0)
    rake (0.9.2.2)
    redis (2.2.2)
    redis-rack-cache (1.2)
      rack-cache (~> 1.2)
      redis-store (~> 1.1.0)
    redis-store (1.1.0)
      redis (~> 2.2.0)
    require_all (1.2.1)
    scrivener (0.0.3)
    sinatra (1.3.3)
      rack (~> 1.3, >= 1.3.6)
      rack-protection (~> 1.2)
      tilt (~> 1.3, >= 1.3.3)
    sinatra-contrib (1.3.1)
      backports (>= 2.0)
      eventmachine
      rack-protection
      rack-test
      sinatra (~> 1.3.0)
      tilt (~> 1.3)
    soulmate (0.1.3)
      multi_json (>= 1.0)
      redis (>= 2.0)
      sinatra (>= 1.0)
      vegas (>= 0.1.0)
    sugar-high (0.4.6.4)
    thor (0.15.2)
    tilt (1.3.3)
    vegas (0.1.11)
      rack (>= 1.0.0)

PLATFORMS
  ruby

DEPENDENCIES
  geo-distance
  hiredis
  httparty
  json
  kdtree
  ohm (= 1.2.0)
  ohm-contrib (= 1.2.0)
  rack-contrib
  rake
  redis-rack-cache (= 1.2)
  sinatra
  sinatra-contrib (= 1.3.1)
  sinatra-respond_to (>= 0.8)!
  sinatra_more!
  soulmate
