GIT
  remote: git://github.com/simon/sinatra-respond_to.git
  revision: 3fb7e0471ab852a5b382adfc1d32a6ce53f83767
  specs:
    sinatra-respond_to (0.8.0)
      sinatra (~> 1.2)

GIT
  remote: git@github.com:curbed/sinatra_more.git
  revision: 342976f28284ff0f92d45016116e98711912b957
  specs:
    sinatra_more (0.3.43)
      activesupport
      bundler (>= 0.9.2)
      sinatra (>= 0.9.2)
      thor (>= 0.11.8)
      tilt (>= 0.2)

GEM
  remote: http://rubygems.org/
  specs:
    activemodel (3.2.3)
      activesupport (= 3.2.3)
      builder (~> 3.0.0)
    activesupport (3.2.3)
      i18n (~> 0.6)
      multi_json (~> 1.0)
    asset_timestamps_cache (0.1.1)
    backports (2.5.1)
    bson (1.6.2)
    bson_ext (1.6.2)
      bson (~> 1.6.2)
    builder (3.0.0)
    cssmin (1.0.2)
    curb (0.8.0)
    eventmachine (0.12.10)
    i18n (0.6.0)
    mongo (1.6.2)
      bson (~> 1.6.2)
    mongo_mapper (0.11.1)
      activemodel (~> 3.0)
      activesupport (~> 3.0)
      plucky (~> 0.4.0)
    multi_json (1.3.4)
    plucky (0.4.4)
      mongo (~> 1.5)
    rack (1.4.1)
    rack-protection (1.2.0)
      rack
    rack-test (0.6.1)
      rack (>= 1.0)
    sinatra (1.3.2)
      rack (~> 1.3, >= 1.3.6)
      rack-protection (~> 1.2)
      tilt (~> 1.3, >= 1.3.3)
    sinatra-contrib (1.3.1)
      backports (>= 2.0)
      eventmachine
      rack-protection
      rack-test
      sinatra (~> 1.3.0)
      tilt (~> 1.3)
    thor (0.15.0)
    tilt (1.3.3)

PLATFORMS
  ruby

DEPENDENCIES
  activesupport (= 3.2.3)
  asset_timestamps_cache
  bson (= 1.6.2)
  bson_ext (= 1.6.2)
  cssmin
  curb
  mongo (= 1.6.2)
  mongo_mapper
  sinatra (= 1.3.2)
  sinatra-contrib (= 1.3.1)
  sinatra-respond_to (>= 0.8)!
  sinatra_more!
