GIT
  remote: git://github.com/simon/sinatra-respond_to.git
  revision: 3fb7e0471ab852a5b382adfc1d32a6ce53f83767
  specs:
    sinatra-respond_to (0.8.0)
      sinatra (~> 1.2)

GIT
  remote: git@github.com:curbed/sinatra_more.git
  revision: 342976f28284ff0f92d45016116e98711912b957
  specs:
    sinatra_more (0.3.43)
      activesupport
      bundler (>= 0.9.2)
      sinatra (>= 0.9.2)
      thor (>= 0.11.8)
      tilt (>= 0.2)

GEM
  remote: http://rubygems.org/
  specs:
    activesupport (3.2.3)
      i18n (~> 0.6)
      multi_json (~> 1.0)
    backports (2.5.3)
    eventmachine (0.12.10)
    i18n (0.6.0)
    json (1.7.1)
    multi_json (1.3.4)
    nest (1.1.1)
      redis
    ohm (1.0.2)
      nest (~> 1.0)
      redis (~> 2.2)
      scrivener (~> 0.0.3)
    ohm-contrib (1.0.1)
      ohm (~> 1.0)
    oj (1.2.8)
    rack (1.4.1)
    rack-cache (1.2)
      rack (>= 0.4)
    rack-protection (1.2.0)
      rack
    rack-test (0.6.1)
      rack (>= 1.0)
    rake (0.9.2.2)
    redis (2.2.2)
    redis-rack-cache (1.2)
      rack-cache (~> 1.2)
      redis-store (~> 1.1.0)
    redis-store (1.1.0)
      redis (~> 2.2.0)
    scrivener (0.0.3)
    sinatra (1.3.2)
      rack (~> 1.3, >= 1.3.6)
      rack-protection (~> 1.2)
      tilt (~> 1.3, >= 1.3.3)
    sinatra-contrib (1.3.1)
      backports (>= 2.0)
      eventmachine
      rack-protection
      rack-test
      sinatra (~> 1.3.0)
      tilt (~> 1.3)
    thor (0.15.2)
    tilt (1.3.3)

PLATFORMS
  ruby

DEPENDENCIES
  json
  ohm (= 1.0.2)
  ohm-contrib (= 1.0.1)
  oj (= 1.2.8)
  rake
  redis-rack-cache (= 1.2)
  sinatra (= 1.3.2)
  sinatra-contrib (= 1.3.1)
  sinatra-respond_to (>= 0.8)!
  sinatra_more!
